GEM
  remote: https://rubygems.org/
  specs:
    activesupport (3.0.0)
    api_smith (1.3.0)
      hashie (>= 1.0, < 3.0)
      httparty
    haml (4.0.3)
      tilt
    hashie (2.1.2)
    httparty (0.13.1)
      json (~> 1.8)
      multi_xml (>= 0.5.2)
    i18n (0.6.5)
    json (1.8.1)
    multi_xml (0.5.5)
    rack (1.5.2)
    rack-protection (1.5.1)
      rack
    shotgun (0.9)
      rack (>= 1.0)
    signalcloud (1.0.0)
      api_smith (~> 1.3.0)
    sinatra (1.4.4)
      rack (~> 1.4)
      rack-protection (~> 1.4)
      tilt (~> 1.3, >= 1.3.4)
    tilt (1.4.1)

PLATFORMS
  ruby

DEPENDENCIES
  activesupport
  haml
  i18n
  shotgun
  signalcloud (~> 1.0)
  sinatra
