GIT
  remote: https://github.com/illoyd/signalcloud.rb
  revision: ce356ecd5957bd0c63eae07c90b848d78455de35
  specs:
    signalcloud (0.0.1)
      api_smith (~> 1.2.0)

GEM
  remote: https://rubygems.org/
  specs:
    active_support (3.0.0)
      activesupport (= 3.0.0)
    activesupport (3.0.0)
    api_smith (1.2.0)
      hashie (~> 1.0)
      httparty
      net-http-persistent
    haml (4.0.3)
      tilt
    hashie (1.2.0)
    httparty (0.12.0)
      json (~> 1.8)
      multi_xml (>= 0.5.2)
    i18n (0.6.5)
    json (1.8.1)
    multi_xml (0.5.5)
    net-http-persistent (2.9)
    rack (1.5.2)
    rack-protection (1.5.1)
      rack
    shotgun (0.9)
      rack (>= 1.0)
    sinatra (1.4.4)
      rack (~> 1.4)
      rack-protection (~> 1.4)
      tilt (~> 1.3, >= 1.3.4)
    tilt (1.4.1)

PLATFORMS
  ruby

DEPENDENCIES
  active_support
  haml
  i18n
  shotgun
  signalcloud!
  sinatra
